GIT
  remote: https://github.com/seuros/capistrano-puma.git
  revision: 2cc11846540489edda10d83e026c9bea04e6fab1
  specs:
    capistrano3-puma (6.0.0.beta.1)
      capistrano (~> 3.7)
      capistrano-bundler
      puma (>= 5.1, < 7.0)

GIT
  remote: https://github.com/seuros/capistrano-sidekiq.git
  revision: c8e1766b39478d5e9cfe10100d648dfd28c6c06b
  specs:
    capistrano-sidekiq (3.0.0.alpha.2)
      capistrano (>= 3.9.0)
      capistrano-bundler
      sidekiq (>= 6.0.6)

GEM
  remote: https://rubygems.org/
  specs:
    actionpack (7.0.8)
      actionview (= 7.0.8)
      activesupport (= 7.0.8)
      rack (~> 2.0, >= 2.2.4)
      rack-test (>= 0.6.3)
      rails-dom-testing (~> 2.0)
      rails-html-sanitizer (~> 1.0, >= 1.2.0)
    actionview (7.0.8)
      activesupport (= 7.0.8)
      builder (~> 3.1)
      erubi (~> 1.4)
      rails-dom-testing (~> 2.0)
      rails-html-sanitizer (~> 1.1, >= 1.2.0)
    activesupport (7.0.8)
      concurrent-ruby (~> 1.0, >= 1.0.2)
      i18n (>= 1.6, < 2)
      minitest (>= 5.1)
      tzinfo (~> 2.0)
    airbrussh (1.5.0)
      sshkit (>= 1.6.1, != 1.7.0)
    builder (3.2.4)
    capistrano (3.17.3)
      airbrussh (>= 1.0.0)
      i18n
      rake (>= 10.0.0)
      sshkit (>= 1.9.0)
    capistrano-bundler (2.1.0)
      capistrano (~> 3.1)
    concurrent-ruby (1.2.2)
    connection_pool (2.4.1)
    crass (1.0.6)
    debug (1.8.0)
      irb (>= 1.5.0)
      reline (>= 0.3.1)
    dotenv (2.8.1)
    dotenv-rails (2.8.1)
      dotenv (= 2.8.1)
      railties (>= 3.2)
    erubi (1.12.0)
    i18n (1.14.1)
      concurrent-ruby (~> 1.0)
    io-console (0.6.0)
    irb (1.8.1)
      rdoc
      reline (>= 0.3.8)
    loofah (2.21.3)
      crass (~> 1.0.2)
      nokogiri (>= 1.12.0)
    method_source (1.0.0)
    minitest (5.20.0)
    net-scp (4.0.0)
      net-ssh (>= 2.6.5, < 8.0.0)
    net-ssh (7.2.0)
    nio4r (2.5.9)
    nokogiri (1.15.4-x86_64-linux)
      racc (~> 1.4)
    psych (5.1.0)
      stringio
    puma (5.6.7)
      nio4r (~> 2.0)
    racc (1.7.1)
    rack (2.2.8)
    rack-test (2.1.0)
      rack (>= 1.3)
    rails-dom-testing (2.2.0)
      activesupport (>= 5.0.0)
      minitest
      nokogiri (>= 1.6)
    rails-html-sanitizer (1.6.0)
      loofah (~> 2.21)
      nokogiri (~> 1.14)
    railties (7.0.8)
      actionpack (= 7.0.8)
      activesupport (= 7.0.8)
      method_source
      rake (>= 12.2)
      thor (~> 1.0)
      zeitwerk (~> 2.5)
    rake (13.0.6)
    rdoc (6.5.0)
      psych (>= 4.0.0)
    redis (4.8.1)
    reline (0.3.9)
      io-console (~> 0.5)
    sd_notify (0.1.1)
    sidekiq (6.5.11)
      connection_pool (>= 2.2.5, < 3)
      rack (~> 2.0)
      redis (>= 4.5.0, < 5)
    sshkit (1.21.5)
      net-scp (>= 1.1.2)
      net-ssh (>= 2.8.0)
    stringio (3.0.8)
    thor (1.2.2)
    tzinfo (2.0.6)
      concurrent-ruby (~> 1.0)
    zeitwerk (2.6.12)

PLATFORMS
  x86_64-linux

DEPENDENCIES
  actionpack (~> 7.0.4)
  capistrano-sidekiq!
  capistrano3-puma!
  debug
  dotenv-rails
  puma (~> 5.1)
  railties (~> 7.0.4)
  sd_notify
  sidekiq (~> 6.2)
  tzinfo-data

BUNDLED WITH
   2.4.10
